GEM
  remote: https://rubygems.org/
  specs:
    aws-sdk (1.61.0)
      aws-sdk-v1 (= 1.61.0)
    aws-sdk-v1 (1.61.0)
      json (~> 1.4)
      nokogiri (>= 1.4.4)
    deb-s3 (0.7.0)
      aws-sdk (~> 1.18)
      thor (~> 0.18.0)
    json (1.8.2)
    mini_portile (0.6.2)
    nokogiri (1.6.6.2)
      mini_portile (~> 0.6.0)
    thor (0.18.1)

PLATFORMS
  ruby

DEPENDENCIES
  deb-s3
